PATH
  remote: .
  specs:
    sis_ruby (1.0.0)
      awesome_print (>= 1.6.0)
      rake
      trick_bag (>= 0.63.1)
      typhoeus (>= 0.8.0)

GEM
  remote: https://rubygems.org/
  specs:
    awesome_print (1.6.1)
    diff-lcs (1.2.5)
    diffy (3.1.0)
    ethon (0.8.0)
      ffi (>= 1.3.0)
    ffi (1.9.10)
    net-ssh (2.9.2)
    os (0.9.6)
    rake (10.4.2)
    rspec (3.4.0)
      rspec-core (~> 3.4.0)
      rspec-expectations (~> 3.4.0)
      rspec-mocks (~> 3.4.0)
    rspec-core (3.4.1)
      rspec-support (~> 3.4.0)
    rspec-expectations (3.4.0)
      diff-lcs (>= 1.2.0, < 2.0)
      rspec-support (~> 3.4.0)
    rspec-mocks (3.4.0)
      diff-lcs (>= 1.2.0, < 2.0)
      rspec-support (~> 3.4.0)
    rspec-support (3.4.1)
    trick_bag (0.64.2)
      diffy (~> 3.0)
      net-ssh (= 2.9.2)
      os (~> 0)
    typhoeus (0.8.0)
      ethon (>= 0.8.0)

PLATFORMS
  ruby

DEPENDENCIES
  rspec (>= 3.0)
  sis_ruby!
